GEM
  remote: http://rubygems.org/
  specs:
    RubyInline (3.9.0)
      ZenTest (~> 4.3)
    ZenTest (4.5.0)
    activesupport (3.0.5)
    addressable (2.2.4)
    barby (0.4.2)
    configuration (1.2.0)
    data_objects (0.10.3)
      addressable (~> 2.1)
    diff-lcs (1.1.2)
    dm-core (1.1.0)
      addressable (~> 2.2.4)
    dm-do-adapter (1.1.0)
      data_objects (~> 0.10.2)
      dm-core (~> 1.1.0)
    dm-migrations (1.1.0)
      dm-core (~> 1.1.0)
    dm-sqlite-adapter (1.1.0)
      dm-do-adapter (~> 1.1.0)
      do_sqlite3 (~> 0.10.2)
    do_sqlite3 (0.10.3)
      data_objects (= 0.10.3)
    heroku (1.19.1)
      activesupport (>= 2.1.0)
      launchy (~> 0.3.2)
      rest-client (< 1.7.0, >= 1.4.0)
    launchy (0.3.7)
      configuration (>= 0.0.5)
      rake (>= 0.8.1)
    mime-types (1.16)
    png (1.2.0)
    rack (1.2.2)
    rack-test (0.5.7)
      rack (>= 1.0)
    rake (0.8.7)
    rest-client (1.6.1)
      mime-types (>= 1.16)
    rspec (2.5.0)
      rspec-core (~> 2.5.0)
      rspec-expectations (~> 2.5.0)
      rspec-mocks (~> 2.5.0)
    rspec-core (2.5.1)
    rspec-expectations (2.5.0)
      diff-lcs (~> 1.1.2)
    rspec-mocks (2.5.0)
    sinatra (1.2.1)
      rack (~> 1.1)
      tilt (< 2.0, >= 1.2.2)
    tilt (1.2.2)
    timecop (0.3.5)

PLATFORMS
  ruby

DEPENDENCIES
  RubyInline
  barby
  dm-core
  dm-migrations
  dm-sqlite-adapter
  heroku
  png
  rack-test
  rspec (= 2.5.0)
  rspec-core
  sinatra
  timecop
